NUGET
  remote: https://nuget.org/api/v2
  specs:
    Destructurama.FSharp (1.0.14)
      Serilog (>= 1.4.204)
    DynamicsCRMProvider (0.2.1)
      Microsoft.CrmSdk.CoreAssemblies (5.0.18)
    EWS-Api-2.0 (1.0.1)
    FAKE (4.4.1)
    FSharp.Compiler.Service (0.0.90)
    FSharp.Configuration (0.5.3)
    FSharp.Core (4.0.0.1)
    FSharp.Formatting (2.10.3)
      FSharp.Compiler.Service (>= 0.0.90 <= 1.3)
      FSharpVSPowerTools.Core (1.9.0)
    FSharpVSPowerTools.Core (1.9.0)
      FSharp.Compiler.Service (>= 0.0.90)
    Microsoft.Azure.KeyVault.Core (1.0.0) - framework: wpv8.0, >= net40
    Microsoft.Azure.WebJobs (1.0.1)
      Microsoft.Azure.WebJobs.Core (1.0.1)
      Newtonsoft.Json (>= 6.0.4)
      WindowsAzure.Storage (>= 4.0.1)
    Microsoft.Azure.WebJobs.Core (1.0.1)
    Microsoft.Bcl (1.1.10)
      Microsoft.Bcl.Build (>= 1.0.14)
    Microsoft.Bcl.Build (1.0.21) - import_targets: false
    Microsoft.CrmSdk.CoreAssemblies (5.0.18)
      Microsoft.IdentityModel (>= 6.1.7600.16394) - framework: >= net40
    Microsoft.Data.Edm (5.6.4)
    Microsoft.Data.OData (5.6.4)
      Microsoft.Data.Edm (5.6.4)
      System.Spatial (5.6.4)
    Microsoft.Data.Services.Client (5.6.4)
      Microsoft.Data.OData (5.6.4)
    Microsoft.Exchange.WebServices (2.2.0)
    Microsoft.IdentityModel (6.1.7600.16394)
    Microsoft.Net.Http (2.2.29)
      Microsoft.Bcl (>= 1.1.10)
      Microsoft.Bcl.Build (>= 1.0.14)
    Microsoft.Orleans.Client (1.0.9)
      Microsoft.Orleans.Core (>= 1.0.9)
      Microsoft.Orleans.OrleansProviders (>= 1.0.9)
    Microsoft.Orleans.Core (1.0.9)
    Microsoft.Orleans.OrleansProviders (1.0.9)
      Microsoft.Orleans.Core (>= 1.0.9)
      Microsoft.WindowsAzure.ConfigurationManager (>= 2.0.0.0)
      Newtonsoft.Json (>= 5.0.8)
      WindowsAzure.Storage (>= 4.2.0.0)
    Microsoft.Orleans.OrleansRuntime (1.0.9)
      Microsoft.Orleans.Core (>= 1.0.9)
    Microsoft.Orleans.Templates.Grains (1.0.9)
      Microsoft.Orleans.Core (>= 1.0.9)
    Microsoft.Orleans.Templates.Interfaces (1.0.9)
      Microsoft.Orleans.Core (>= 1.0.9)
    Microsoft.Web.WebJobs.Publish (1.0.7)
    Microsoft.WindowsAzure.ConfigurationManager (3.1.0)
    Newtonsoft.Json (7.0.1)
    NUnit (2.6.4)
    NUnit.Runners (2.6.4)
    NUnitTestAdapter (2.0.0)
    Octokit (0.15.0)
      Microsoft.Net.Http
    Serilog (1.5.11)
    SourceLink.Fake (1.1.0)
    System.Spatial (5.6.4)
    WindowsAzure.Storage (5.0.2)
      Microsoft.Azure.KeyVault.Core (>= 1.0.0) - framework: wpv8.0, >= net40
      Microsoft.Data.OData (>= 5.6.4) - framework: winv4.5, wpv8.1, wpv8.0, >= net40
      Microsoft.Data.Services.Client (>= 5.6.4) - framework: >= net40
      Newtonsoft.Json (>= 6.0.8) - framework: wpv8.0, >= net40
GITHUB
  remote: fsharp/FAKE
  specs:
    modules/Octokit/Octokit.fsx (4915c909c91e6f715b340d2b368e1601348a362a)
      Octokit